GEM
  remote: https://rubygems.org/
  specs:
    websocket (1.2.11)

PLATFORMS
  ruby
  x86_64-linux-musl

DEPENDENCIES
  websocket (~> 1.2)

BUNDLED WITH
   2.6.2
