GEM
  remote: https://rubygems.org/
  specs:
    concurrent-ruby (1.3.5)
    websocket (1.2.11)

PLATFORMS
  ruby
  x86_64-linux-musl

DEPENDENCIES
  concurrent-ruby (~> 1.3)
  websocket (~> 1.2)

BUNDLED WITH
   2.6.2
